GEM
  remote: https://rubygems.org/
  specs:
    capybara (2.4.4)
      mime-types (>= 1.16)
      nokogiri (>= 1.3.3)
      rack (>= 1.0.0)
      rack-test (>= 0.5.4)
    diff-lcs (1.2.4)
    erubis (2.7.0)
    mime-types (2.4.3)
    nokogiri (1.6.3.1)
    rack (1.6.0)
    rack-test (0.6.2)
      rack (>= 1.0)
    roda (2.1.0)
      rack
    rspec (3.1.0)
      rspec-core (~> 3.1.0)
      rspec-expectations (~> 3.1.0)
      rspec-mocks (~> 3.1.0)
    rspec-core (3.1.7)
      rspec-support (~> 3.1.0)
    rspec-expectations (3.1.2)
      diff-lcs (>= 1.2.0, < 2.0)
      rspec-support (~> 3.1.0)
    rspec-mocks (3.1.3)
      rspec-support (~> 3.1.0)
    rspec-support (3.1.2)
    tilt (2.0.1)

PLATFORMS
  ruby

DEPENDENCIES
  capybara (>= 2)
  erubis
  roda
  rspec (>= 2)
  tilt
