GEM
  remote: https://rubygems.org/
  specs:
    erubis (2.7.0)
    rack (1.4.5)
    roda (1.1.0)
      rack
    tilt (1.4.1)

PLATFORMS
  ruby

DEPENDENCIES
  erubis
  roda
  tilt
